GEM
  remote: https://rubygems.org/
  specs:
    ffaker (1.24.0)

PLATFORMS
  ruby

DEPENDENCIES
  ffaker
